PATH
  remote: .
  specs:
    latinverb (0.9.3)
      active_support
      macronconversions
      rake
      rdoc
      verbvector

GEM
  remote: http://rubygems.org/
  specs:
    active_support (3.0.0)
      activesupport (= 3.0.0)
    activesupport (3.0.0)
    autotest-standalone (4.5.11)
    byebug (2.2.2)
      columnize (~> 0.3.6)
      debugger-linecache (~> 1.2.0)
    columnize (0.3.6)
    debugger-linecache (1.2.0)
    json (1.8.0)
    macronconversions (0.0.1)
    rake (10.1.0)
    rdoc (4.0.1)
      json (~> 1.4)
    verbvector (0.0.2)

PLATFORMS
  ruby

DEPENDENCIES
  autotest-standalone
  byebug
  latinverb!
