PATH
  remote: .
  specs:
    latinverb (0.9.2)
      macronconversions
      rdoc
      verbvector

GEM
  remote: http://rubygems.org/
  specs:
    autotest-standalone (4.5.10)
    json (1.7.5)
    macronconversions (0.0.1)
    rdoc (3.12)
      json (~> 1.4)
    verbvector (0.0.1)

PLATFORMS
  ruby

DEPENDENCIES
  autotest-standalone
  latinverb!
